GEM
  remote: https://rubygems.org/
  specs:
    faraday (0.11.0)
      multipart-post (>= 1.2, < 3)
    http_router (0.11.2)
      rack (>= 1.0.0)
      url_mount (~> 0.2.1)
    i18n (0.8.0)
    ice_nine (0.11.2)
    json (1.8.6)
    lita (4.7.1)
      bundler (>= 1.3)
      faraday (>= 0.8.7)
      http_router (>= 0.11.2)
      i18n (>= 0.6.9)
      ice_nine (>= 0.11.0)
      multi_json (>= 1.7.7)
      puma (>= 2.7.1)
      rack (>= 1.5.2, < 2.0.0)
      rb-readline (>= 0.5.1)
      redis-namespace (>= 1.3.0)
      thor (>= 0.18.1)
    lita-awyiss (0.1.1)
      json (~> 1.8)
      lita (~> 4, >= 4.0.0)
    lita-diabetter (1.2.6)
    lita-dice (0.0.1)
      lita (>= 2.7)
    lita-excuses (0.0.6)
      lita (>= 2.2)
      nokogiri
    mini_portile2 (2.1.0)
    multi_json (1.12.1)
    multipart-post (2.0.0)
    nokogiri (1.7.0.1)
      mini_portile2 (~> 2.1.0)
    nokogiri (1.7.0.1-x64-mingw32)
      mini_portile2 (~> 2.1.0)
    puma (3.7.0)
    rack (1.6.5)
    rb-readline (0.5.3)
    redis (3.3.3)
    redis-namespace (1.5.2)
      redis (~> 3.0, >= 3.0.4)
    thor (0.19.4)
    url_mount (0.2.1)
      rack

PLATFORMS
  ruby
  x64-mingw32

DEPENDENCIES
  lita
  lita-awyiss
  lita-diabetter
  lita-dice
  lita-excuses

BUNDLED WITH
   1.14.6
